REDIRECTS: ON
NUGET
  remote: https://www.nuget.org/api/v2
  specs:
    FSharp.Core (4.0.0.1)
    FsPickler (1.3.2)
    Microsoft.Azure.KeyVault.Core (1.0.0) - framework: >= net45
    Microsoft.Data.Edm (5.6.4) - framework: >= net45
    Microsoft.Data.OData (5.6.4) - framework: >= net45
      Microsoft.Data.Edm (5.6.4)
      System.Spatial (5.6.4)
    Microsoft.Data.Services.Client (5.6.4) - framework: >= net45
      Microsoft.Data.OData (5.6.4)
    Microsoft.WindowsAzure.ConfigurationManager (3.1.0) - framework: >= net45
    Newtonsoft.Json (7.0.1) - framework: >= net45
    Suave (0.31.0)
      FSharp.Core (>= 4.0.0.1)
      FsPickler (>= 1.2.5)
    System.Spatial (5.6.4) - framework: >= net45
    WindowsAzure.Storage (5.0.0) - framework: >= net45
      Microsoft.Azure.KeyVault.Core (>= 1.0.0) - framework: wpv8.0, >= net40
      Microsoft.Data.OData (>= 5.6.4) - framework: winv4.5, wpv8.1, wpv8.0, >= net40
      Newtonsoft.Json (>= 6.0.8) - framework: wpv8.0, >= net40
